PATH
  remote: .
  specs:
    flashcards (0.0.1)
      refined-refinements (~> 0.0)
      term-ansicolor (~> 1.4)

GEM
  remote: https://rubygems.org/
  specs:
    coderay (1.1.1)
    conjugate (1.6.2)
    diff-lcs (1.3)
    method_source (0.8.2)
    pry (0.10.4)
      coderay (~> 1.1.0)
      method_source (~> 0.8.1)
      slop (~> 3.4)
    refined-refinements (0.0.1)
    rspec (3.5.0)
      rspec-core (~> 3.5.0)
      rspec-expectations (~> 3.5.0)
      rspec-mocks (~> 3.5.0)
    rspec-core (3.5.4)
      rspec-support (~> 3.5.0)
    rspec-expectations (3.5.0)
      diff-lcs (>= 1.2.0, < 2.0)
      rspec-support (~> 3.5.0)
    rspec-mocks (3.5.0)
      diff-lcs (>= 1.2.0, < 2.0)
      rspec-support (~> 3.5.0)
    rspec-support (3.5.0)
    slop (3.6.0)
    term-ansicolor (1.6.0)
      tins (~> 1.0)
    tins (1.14.0)

PLATFORMS
  ruby

DEPENDENCIES
  conjugate
  flashcards!
  pry
  rspec

BUNDLED WITH
   1.15.1
