PATH
  remote: .
  specs:
    flashcards (0.0.2)
      refined-refinements (~> 0.0)
      term-ansicolor (~> 1.4)

GEM
  remote: https://rubygems.org/
  specs:
    coderay (1.1.2)
    curses (1.2.4)
    diff-lcs (1.3)
    method_source (0.9.0)
    mini_portile2 (2.3.0)
    nokogiri (1.8.1)
      mini_portile2 (~> 2.3.0)
    pry (0.11.3)
      coderay (~> 1.1.0)
      method_source (~> 0.9.0)
    refined-refinements (0.0.2.1)
    rspec (3.7.0)
      rspec-core (~> 3.7.0)
      rspec-expectations (~> 3.7.0)
      rspec-mocks (~> 3.7.0)
    rspec-core (3.7.1)
      rspec-support (~> 3.7.0)
    rspec-expectations (3.7.0)
      diff-lcs (>= 1.2.0, < 2.0)
      rspec-support (~> 3.7.0)
    rspec-mocks (3.7.0)
      diff-lcs (>= 1.2.0, < 2.0)
      rspec-support (~> 3.7.0)
    rspec-support (3.7.0)
    term-ansicolor (1.6.0)
      tins (~> 1.0)
    tins (1.16.3)

PLATFORMS
  ruby

DEPENDENCIES
  curses
  flashcards!
  nokogiri
  pry
  rspec

BUNDLED WITH
   1.16.1
